PATH
  remote: .
  specs:
    phctitleseo (48.2.0)
      phcadmin1 (~> 51.2)
      phcadmin2 (~> 53.2)
      phcadmin3 (~> 46.2)
      phcadmin4 (~> 28.2)
      phcadmin5 (~> 27.2)
      phcadmin6 (~> 16.2)
      phcadmin7 (~> 10.2)
      phctheme1 (~> 56.2)
      phctheme2 (~> 45.2)
      phctheme3 (~> 25.2)
      phctheme4 (~> 23.2)
      phctheme5 (~> 18.2)
      phctheme6 (~> 11.2)
      phctheme7 (~> 5.2)
      rails (~> 5.2, >= 5.2.3)

GEM
  remote: https://rubygems.org/
  specs:
    actioncable (5.2.4.2)
      actionpack (= 5.2.4.2)
      nio4r (~> 2.0)
      websocket-driver (>= 0.6.1)
    actionmailer (5.2.4.2)
      actionpack (= 5.2.4.2)
      actionview (= 5.2.4.2)
      activejob (= 5.2.4.2)
      mail (~> 2.5, >= 2.5.4)
      rails-dom-testing (~> 2.0)
    actionpack (5.2.4.2)
      actionview (= 5.2.4.2)
      activesupport (= 5.2.4.2)
      rack (~> 2.0, >= 2.0.8)
      rack-test (>= 0.6.3)
      rails-dom-testing (~> 2.0)
      rails-html-sanitizer (~> 1.0, >= 1.0.2)
    actionview (5.2.4.2)
      activesupport (= 5.2.4.2)
      builder (~> 3.1)
      erubi (~> 1.4)
      rails-dom-testing (~> 2.0)
      rails-html-sanitizer (~> 1.0, >= 1.0.3)
    activejob (5.2.4.2)
      activesupport (= 5.2.4.2)
      globalid (>= 0.3.6)
    activemodel (5.2.4.2)
      activesupport (= 5.2.4.2)
    activerecord (5.2.4.2)
      activemodel (= 5.2.4.2)
      activesupport (= 5.2.4.2)
      arel (>= 9.0)
    activestorage (5.2.4.2)
      actionpack (= 5.2.4.2)
      activerecord (= 5.2.4.2)
      marcel (~> 0.3.1)
    activesupport (5.2.4.2)
      concurrent-ruby (~> 1.0, >= 1.0.2)
      i18n (>= 0.7, < 2)
      minitest (~> 5.1)
      tzinfo (~> 1.1)
    addressable (2.7.0)
      public_suffix (>= 2.0.2, < 5.0)
    arel (9.0.0)
    aws-eventstream (1.0.3)
    aws-partitions (1.261.0)
    aws-sdk-core (3.86.0)
      aws-eventstream (~> 1.0, >= 1.0.2)
      aws-partitions (~> 1, >= 1.239.0)
      aws-sigv4 (~> 1.1)
      jmespath (~> 1.0)
    aws-sdk-kms (1.27.0)
      aws-sdk-core (~> 3, >= 3.71.0)
      aws-sigv4 (~> 1.1)
    aws-sdk-s3 (1.60.1)
      aws-sdk-core (~> 3, >= 3.83.0)
      aws-sdk-kms (~> 1)
      aws-sigv4 (~> 1.1)
    aws-sigv4 (1.1.0)
      aws-eventstream (~> 1.0, >= 1.0.2)
    builder (3.2.4)
    byebug (11.0.1)
    capybara (3.30.0)
      addressable
      mini_mime (>= 0.1.3)
      nokogiri (~> 1.8)
      rack (>= 1.6.0)
      rack-test (>= 0.6.3)
      regexp_parser (~> 1.5)
      xpath (~> 3.2)
    coffee-rails (5.0.0)
      coffee-script (>= 2.2.0)
      railties (>= 5.2.0)
    coffee-script (2.4.1)
      coffee-script-source
      execjs
    coffee-script-source (1.12.2)
    concurrent-ruby (1.1.6)
    crass (1.0.6)
    declarative (0.0.10)
    declarative-option (0.1.0)
    diff-lcs (1.3)
    digest-crc (0.4.1)
    erubi (1.9.0)
    execjs (2.7.0)
    factory_bot (5.1.1)
      activesupport (>= 4.2.0)
    factory_bot_rails (5.1.1)
      factory_bot (~> 5.1.0)
      railties (>= 4.2.0)
    faker (2.10.0)
      i18n (>= 1.6, < 1.8)
    faraday (0.17.3)
      multipart-post (>= 1.2, < 3)
    ffi (1.11.3)
    globalid (0.4.2)
      activesupport (>= 4.2.0)
    google-api-client (0.36.3)
      addressable (~> 2.5, >= 2.5.1)
      googleauth (~> 0.9)
      httpclient (>= 2.8.1, < 3.0)
      mini_mime (~> 1.0)
      representable (~> 3.0)
      retriable (>= 2.0, < 4.0)
      signet (~> 0.12)
    google-cloud-core (1.4.1)
      google-cloud-env (~> 1.0)
    google-cloud-env (1.3.0)
      faraday (~> 0.11)
    google-cloud-storage (1.25.0)
      addressable (~> 2.5)
      digest-crc (~> 0.4)
      google-api-client (~> 0.33)
      google-cloud-core (~> 1.2)
      googleauth (~> 0.9)
      mini_mime (~> 1.0)
    googleauth (0.10.0)
      faraday (~> 0.12)
      jwt (>= 1.4, < 3.0)
      memoist (~> 0.16)
      multi_json (~> 1.11)
      os (>= 0.9, < 2.0)
      signet (~> 0.12)
    httpclient (2.8.3)
    i18n (1.7.1)
      concurrent-ruby (~> 1.0)
    jmespath (1.4.0)
    jquery-rails (4.3.5)
      rails-dom-testing (>= 1, < 3)
      railties (>= 4.2.0)
      thor (>= 0.14, < 2.0)
    jquery-ui-rails (6.0.1)
      railties (>= 3.2.16)
    jwt (2.2.1)
    launchy (2.4.3)
      addressable (~> 2.3)
    loofah (2.4.0)
      crass (~> 1.0.2)
      nokogiri (>= 1.5.9)
    mail (2.7.1)
      mini_mime (>= 0.1.1)
    marcel (0.3.3)
      mimemagic (~> 0.3.2)
    memoist (0.16.2)
    method_source (1.0.0)
    mimemagic (0.3.4)
    mini_magick (4.9.5)
    mini_mime (1.0.2)
    mini_portile2 (2.4.0)
    minitest (5.13.0)
    multi_json (1.14.1)
    multipart-post (2.1.1)
    nio4r (2.5.2)
    nokogiri (1.10.9)
      mini_portile2 (~> 2.4.0)
    os (1.0.1)
    phcadmin1 (51.2.0)
      aws-sdk-s3 (~> 1.60)
      coffee-rails (~> 5.0)
      google-cloud-storage (~> 1.25)
      jquery-rails (~> 4.3)
      jquery-ui-rails (~> 6.0)
      mini_magick (~> 4.9)
      rails (~> 5.2, >= 5.2.4.1)
      sassc-rails (~> 2.1)
      turbolinks (~> 5.2)
      uglifier (~> 4.2)
      webpacker (~> 4.2)
    phcadmin2 (53.2.0)
      aws-sdk-s3 (~> 1.60)
      coffee-rails (~> 5.0)
      google-cloud-storage (~> 1.25)
      jquery-rails (~> 4.3)
      jquery-ui-rails (~> 6.0)
      mini_magick (~> 4.9)
      rails (~> 5.2, >= 5.2.4.1)
      sassc-rails (~> 2.1)
      turbolinks (~> 5.2)
      uglifier (~> 4.2)
      webpacker (~> 4.2)
    phcadmin3 (46.2.0)
      aws-sdk-s3 (~> 1.60)
      coffee-rails (~> 5.0)
      google-cloud-storage (~> 1.25)
      jquery-rails (~> 4.3)
      jquery-ui-rails (~> 6.0)
      mini_magick (~> 4.9)
      rails (~> 5.2, >= 5.2.4.1)
      sassc-rails (~> 2.1)
      turbolinks (~> 5.2)
      uglifier (~> 4.2)
      webpacker (~> 4.2)
    phcadmin4 (28.2.0)
      aws-sdk-s3 (~> 1.60)
      coffee-rails (~> 5.0)
      google-cloud-storage (~> 1.25)
      jquery-rails (~> 4.3)
      jquery-ui-rails (~> 6.0)
      mini_magick (~> 4.9)
      rails (~> 5.2, >= 5.2.4.1)
      sassc-rails (~> 2.1)
      turbolinks (~> 5.2)
      uglifier (~> 4.2)
      webpacker (~> 4.2)
    phcadmin5 (27.2.0)
      aws-sdk-s3 (~> 1.60)
      coffee-rails (~> 5.0)
      google-cloud-storage (~> 1.25)
      jquery-rails (~> 4.3)
      jquery-ui-rails (~> 6.0)
      mini_magick (~> 4.9)
      rails (~> 5.2, >= 5.2.4.1)
      sassc-rails (~> 2.1)
      turbolinks (~> 5.2)
      uglifier (~> 4.2)
      webpacker (~> 4.2)
    phcadmin6 (16.2.0)
      aws-sdk-s3 (~> 1.60)
      coffee-rails (~> 5.0)
      google-cloud-storage (~> 1.25)
      jquery-rails (~> 4.3)
      jquery-ui-rails (~> 6.0)
      mini_magick (~> 4.9)
      rails (~> 5.2, >= 5.2.4.1)
      sassc-rails (~> 2.1)
      turbolinks (~> 5.2)
      uglifier (~> 4.2)
      webpacker (~> 4.2)
    phcadmin7 (10.2.0)
      aws-sdk-s3 (~> 1.60)
      coffee-rails (~> 5.0)
      google-cloud-storage (~> 1.25)
      jquery-rails (~> 4.3)
      jquery-ui-rails (~> 6.0)
      mini_magick (~> 4.9)
      rails (~> 5.2, >= 5.2.4.1)
      sassc-rails (~> 2.1)
      turbolinks (~> 5.2)
      uglifier (~> 4.2)
      webpacker (~> 4.2)
    phctheme1 (56.2.0)
      aws-sdk-s3 (~> 1.60)
      coffee-rails (~> 5.0)
      google-cloud-storage (~> 1.25)
      jquery-rails (~> 4.3)
      jquery-ui-rails (~> 6.0)
      mini_magick (~> 4.9)
      rails (~> 5.2, >= 5.2.4.1)
      sassc-rails (~> 2.1)
      turbolinks (~> 5.2)
      uglifier (~> 4.2)
      webpacker (~> 4.2)
    phctheme2 (45.2.0)
      aws-sdk-s3 (~> 1.60)
      coffee-rails (~> 5.0)
      google-cloud-storage (~> 1.25)
      jquery-rails (~> 4.3)
      jquery-ui-rails (~> 6.0)
      mini_magick (~> 4.9)
      rails (~> 5.2, >= 5.2.4.1)
      sassc-rails (~> 2.1)
      turbolinks (~> 5.2)
      uglifier (~> 4.2)
      webpacker (~> 4.2)
    phctheme3 (25.2.0)
      aws-sdk-s3 (~> 1.60)
      coffee-rails (~> 5.0)
      google-cloud-storage (~> 1.25)
      jquery-rails (~> 4.3)
      jquery-ui-rails (~> 6.0)
      mini_magick (~> 4.9)
      rails (~> 5.2, >= 5.2.4.1)
      sassc-rails (~> 2.1)
      turbolinks (~> 5.2)
      uglifier (~> 4.2)
      webpacker (~> 4.2)
    phctheme4 (23.2.0)
      aws-sdk-s3 (~> 1.60)
      coffee-rails (~> 5.0)
      google-cloud-storage (~> 1.25)
      jquery-rails (~> 4.3)
      jquery-ui-rails (~> 6.0)
      mini_magick (~> 4.9)
      rails (~> 5.2, >= 5.2.4.1)
      sassc-rails (~> 2.1)
      turbolinks (~> 5.2)
      uglifier (~> 4.2)
      webpacker (~> 4.2)
    phctheme5 (18.2.0)
      aws-sdk-s3 (~> 1.60)
      coffee-rails (~> 5.0)
      google-cloud-storage (~> 1.25)
      jquery-rails (~> 4.3)
      jquery-ui-rails (~> 6.0)
      mini_magick (~> 4.9)
      rails (~> 5.2, >= 5.2.4.1)
      sassc-rails (~> 2.1)
      turbolinks (~> 5.2)
      uglifier (~> 4.2)
      webpacker (~> 4.2)
    phctheme6 (11.2.0)
      aws-sdk-s3 (~> 1.60)
      coffee-rails (~> 5.0)
      google-cloud-storage (~> 1.25)
      jquery-rails (~> 4.3)
      jquery-ui-rails (~> 6.0)
      mini_magick (~> 4.9)
      rails (~> 5.2, >= 5.2.4.1)
      sassc-rails (~> 2.1)
      turbolinks (~> 5.2)
      uglifier (~> 4.2)
      webpacker (~> 4.2)
    phctheme7 (5.2.0)
      aws-sdk-s3 (~> 1.60)
      coffee-rails (~> 5.0)
      google-cloud-storage (~> 1.25)
      jquery-rails (~> 4.3)
      jquery-ui-rails (~> 6.0)
      mini_magick (~> 4.9)
      rails (~> 5.2, >= 5.2.4.1)
      sassc-rails (~> 2.1)
      turbolinks (~> 5.2)
      uglifier (~> 4.2)
      webpacker (~> 4.2)
    public_suffix (4.0.2)
    rack (2.2.2)
    rack-proxy (0.6.5)
      rack
    rack-test (1.1.0)
      rack (>= 1.0, < 3)
    rails (5.2.4.2)
      actioncable (= 5.2.4.2)
      actionmailer (= 5.2.4.2)
      actionpack (= 5.2.4.2)
      actionview (= 5.2.4.2)
      activejob (= 5.2.4.2)
      activemodel (= 5.2.4.2)
      activerecord (= 5.2.4.2)
      activestorage (= 5.2.4.2)
      activesupport (= 5.2.4.2)
      bundler (>= 1.3.0)
      railties (= 5.2.4.2)
      sprockets-rails (>= 2.0.0)
    rails-dom-testing (2.0.3)
      activesupport (>= 4.2.0)
      nokogiri (>= 1.6)
    rails-html-sanitizer (1.3.0)
      loofah (~> 2.3)
    railties (5.2.4.2)
      actionpack (= 5.2.4.2)
      activesupport (= 5.2.4.2)
      method_source
      rake (>= 0.8.7)
      thor (>= 0.19.0, < 2.0)
    rake (13.0.1)
    regexp_parser (1.6.0)
    representable (3.0.4)
      declarative (< 0.1.0)
      declarative-option (< 0.2.0)
      uber (< 0.2.0)
    retriable (3.1.2)
    rspec-core (3.9.1)
      rspec-support (~> 3.9.1)
    rspec-expectations (3.9.0)
      diff-lcs (>= 1.2.0, < 2.0)
      rspec-support (~> 3.9.0)
    rspec-mocks (3.9.1)
      diff-lcs (>= 1.2.0, < 2.0)
      rspec-support (~> 3.9.0)
    rspec-rails (3.9.0)
      actionpack (>= 3.0)
      activesupport (>= 3.0)
      railties (>= 3.0)
      rspec-core (~> 3.9.0)
      rspec-expectations (~> 3.9.0)
      rspec-mocks (~> 3.9.0)
      rspec-support (~> 3.9.0)
    rspec-support (3.9.2)
    sassc (2.2.1)
      ffi (~> 1.9)
    sassc-rails (2.1.2)
      railties (>= 4.0.0)
      sassc (>= 2.0)
      sprockets (> 3.0)
      sprockets-rails
      tilt
    signet (0.12.0)
      addressable (~> 2.3)
      faraday (~> 0.9)
      jwt (>= 1.5, < 3.0)
      multi_json (~> 1.10)
    sprockets (4.0.0)
      concurrent-ruby (~> 1.0)
      rack (> 1, < 3)
    sprockets-rails (3.2.1)
      actionpack (>= 4.0)
      activesupport (>= 4.0)
      sprockets (>= 3.0.0)
    sqlite3 (1.4.2)
    thor (1.0.1)
    thread_safe (0.3.6)
    tilt (2.0.10)
    turbolinks (5.2.1)
      turbolinks-source (~> 5.2)
    turbolinks-source (5.2.0)
    tzinfo (1.2.6)
      thread_safe (~> 0.1)
    uber (0.1.0)
    uglifier (4.2.0)
      execjs (>= 0.3.0, < 3)
    webpacker (4.2.2)
      activesupport (>= 4.2)
      rack-proxy (>= 0.6.1)
      railties (>= 4.2)
    websocket-driver (0.7.1)
      websocket-extensions (>= 0.1.0)
    websocket-extensions (0.1.4)
    xpath (3.2.0)
      nokogiri (~> 1.8)

PLATFORMS
  ruby

DEPENDENCIES
  byebug (~> 11.0)
  capybara (~> 3.30)
  factory_bot_rails (~> 5.1)
  faker (~> 2.10)
  launchy (~> 2.4)
  minitest (~> 5.13)
  phctitleseo!
  rspec-rails (~> 3.9)
  sqlite3 (~> 1.4)

BUNDLED WITH
   1.17.3
