PATH
  remote: .
  specs:
    phctitleseo (48.3.0)
      phcadmin1 (~> 51.3)
      phcadmin2 (~> 53.3)
      phcadmin3 (~> 46.3)
      phcadmin4 (~> 28.3)
      phcadmin5 (~> 27.3)
      phcadmin6 (~> 16.3)
      phcadmin7 (~> 10.3)
      phctheme1 (~> 56.3)
      phctheme2 (~> 45.3)
      phctheme3 (~> 25.3)
      phctheme4 (~> 23.3)
      phctheme5 (~> 18.3)
      phctheme6 (~> 11.3)
      phctheme7 (~> 5.3)
      rails (~> 5.2, >= 5.2.4.3)

GEM
  remote: https://rubygems.org/
  specs:
    actioncable (5.2.4.3)
      actionpack (= 5.2.4.3)
      nio4r (~> 2.0)
      websocket-driver (>= 0.6.1)
    actionmailer (5.2.4.3)
      actionpack (= 5.2.4.3)
      actionview (= 5.2.4.3)
      activejob (= 5.2.4.3)
      mail (~> 2.5, >= 2.5.4)
      rails-dom-testing (~> 2.0)
    actionpack (5.2.4.3)
      actionview (= 5.2.4.3)
      activesupport (= 5.2.4.3)
      rack (~> 2.0, >= 2.0.8)
      rack-test (>= 0.6.3)
      rails-dom-testing (~> 2.0)
      rails-html-sanitizer (~> 1.0, >= 1.0.2)
    actionview (5.2.4.3)
      activesupport (= 5.2.4.3)
      builder (~> 3.1)
      erubi (~> 1.4)
      rails-dom-testing (~> 2.0)
      rails-html-sanitizer (~> 1.0, >= 1.0.3)
    activejob (5.2.4.3)
      activesupport (= 5.2.4.3)
      globalid (>= 0.3.6)
    activemodel (5.2.4.3)
      activesupport (= 5.2.4.3)
    activerecord (5.2.4.3)
      activemodel (= 5.2.4.3)
      activesupport (= 5.2.4.3)
      arel (>= 9.0)
    activestorage (5.2.4.3)
      actionpack (= 5.2.4.3)
      activerecord (= 5.2.4.3)
      marcel (~> 0.3.1)
    activesupport (5.2.4.3)
      concurrent-ruby (~> 1.0, >= 1.0.2)
      i18n (>= 0.7, < 2)
      minitest (~> 5.1)
      tzinfo (~> 1.1)
    addressable (2.7.0)
      public_suffix (>= 2.0.2, < 5.0)
    arel (9.0.0)
    builder (3.2.4)
    byebug (11.1.3)
    capybara (3.32.2)
      addressable
      mini_mime (>= 0.1.3)
      nokogiri (~> 1.8)
      rack (>= 1.6.0)
      rack-test (>= 0.6.3)
      regexp_parser (~> 1.5)
      xpath (~> 3.2)
    coffee-rails (5.0.0)
      coffee-script (>= 2.2.0)
      railties (>= 5.2.0)
    coffee-script (2.4.1)
      coffee-script-source
      execjs
    coffee-script-source (1.12.2)
    concurrent-ruby (1.1.6)
    crass (1.0.6)
    diff-lcs (1.3)
    erubi (1.9.0)
    execjs (2.7.0)
    factory_bot (5.2.0)
      activesupport (>= 4.2.0)
    factory_bot_rails (5.2.0)
      factory_bot (~> 5.2.0)
      railties (>= 4.2.0)
    faker (2.12.0)
      i18n (>= 1.6, < 2)
    ffi (1.13.0)
    globalid (0.4.2)
      activesupport (>= 4.2.0)
    gravtastic (3.2.6)
    i18n (1.8.2)
      concurrent-ruby (~> 1.0)
    inline_svg (1.7.1)
      activesupport (>= 3.0)
      nokogiri (>= 1.6)
    jquery-rails (4.4.0)
      rails-dom-testing (>= 1, < 3)
      railties (>= 4.2.0)
      thor (>= 0.14, < 2.0)
    jquery-ui-rails (6.0.1)
      railties (>= 3.2.16)
    launchy (2.5.0)
      addressable (~> 2.7)
    loofah (2.5.0)
      crass (~> 1.0.2)
      nokogiri (>= 1.5.9)
    mail (2.7.1)
      mini_mime (>= 0.1.1)
    marcel (0.3.3)
      mimemagic (~> 0.3.2)
    method_source (1.0.0)
    mimemagic (0.3.5)
    mini_mime (1.0.2)
    mini_portile2 (2.4.0)
    minitest (5.14.1)
    nio4r (2.5.2)
    nokogiri (1.10.9)
      mini_portile2 (~> 2.4.0)
    phcadmin1 (51.3.0)
      coffee-rails (~> 5.0)
      gravtastic (~> 3.2)
      inline_svg (~> 1.7, >= 1.7.1)
      jquery-rails (~> 4.4)
      jquery-ui-rails (~> 6.0)
      rails (~> 5.2, >= 5.2.4.3)
      rails_sortable (~> 1.4)
      sassc-rails (~> 2.1)
      turbolinks (~> 5.2)
      uglifier (~> 4.2)
    phcadmin2 (53.3.0)
      coffee-rails (~> 5.0)
      gravtastic (~> 3.2)
      inline_svg (~> 1.7, >= 1.7.1)
      jquery-rails (~> 4.4)
      jquery-ui-rails (~> 6.0)
      rails (~> 5.2, >= 5.2.4.3)
      rails_sortable (~> 1.4)
      sassc-rails (~> 2.1)
      turbolinks (~> 5.2)
      uglifier (~> 4.2)
    phcadmin3 (46.3.0)
      coffee-rails (~> 5.0)
      gravtastic (~> 3.2)
      inline_svg (~> 1.7, >= 1.7.1)
      jquery-rails (~> 4.4)
      jquery-ui-rails (~> 6.0)
      rails (~> 5.2, >= 5.2.4.3)
      rails_sortable (~> 1.4)
      sassc-rails (~> 2.1)
      turbolinks (~> 5.2)
      uglifier (~> 4.2)
    phcadmin4 (28.3.0)
      coffee-rails (~> 5.0)
      gravtastic (~> 3.2)
      inline_svg (~> 1.7, >= 1.7.1)
      jquery-rails (~> 4.4)
      jquery-ui-rails (~> 6.0)
      rails (~> 5.2, >= 5.2.4.3)
      rails_sortable (~> 1.4)
      sassc-rails (~> 2.1)
      turbolinks (~> 5.2)
      uglifier (~> 4.2)
    phcadmin5 (27.3.0)
      coffee-rails (~> 5.0)
      gravtastic (~> 3.2)
      inline_svg (~> 1.7, >= 1.7.1)
      jquery-rails (~> 4.4)
      jquery-ui-rails (~> 6.0)
      rails (~> 5.2, >= 5.2.4.3)
      rails_sortable (~> 1.4)
      sassc-rails (~> 2.1)
      turbolinks (~> 5.2)
      uglifier (~> 4.2)
    phcadmin6 (16.3.0)
      coffee-rails (~> 5.0)
      gravtastic (~> 3.2)
      inline_svg (~> 1.7, >= 1.7.1)
      jquery-rails (~> 4.4)
      jquery-ui-rails (~> 6.0)
      rails (~> 5.2, >= 5.2.4.3)
      rails_sortable (~> 1.4)
      sassc-rails (~> 2.1)
      turbolinks (~> 5.2)
      uglifier (~> 4.2)
    phcadmin7 (10.3.0)
      coffee-rails (~> 5.0)
      gravtastic (~> 3.2)
      inline_svg (~> 1.7, >= 1.7.1)
      jquery-rails (~> 4.4)
      jquery-ui-rails (~> 6.0)
      rails (~> 5.2, >= 5.2.4.3)
      rails_sortable (~> 1.4)
      sassc-rails (~> 2.1)
      turbolinks (~> 5.2)
      uglifier (~> 4.2)
    phctheme1 (56.3.0)
      coffee-rails (~> 5.0)
      gravtastic (~> 3.2)
      inline_svg (~> 1.7, >= 1.7.1)
      jquery-rails (~> 4.4)
      jquery-ui-rails (~> 6.0)
      rails (~> 5.2, >= 5.2.4.3)
      rails_sortable (~> 1.4)
      sassc-rails (~> 2.1)
      turbolinks (~> 5.2)
      uglifier (~> 4.2)
    phctheme2 (45.3.0)
      coffee-rails (~> 5.0)
      gravtastic (~> 3.2)
      inline_svg (~> 1.7, >= 1.7.1)
      jquery-rails (~> 4.4)
      jquery-ui-rails (~> 6.0)
      rails (~> 5.2, >= 5.2.4.3)
      rails_sortable (~> 1.4)
      sassc-rails (~> 2.1)
      turbolinks (~> 5.2)
      uglifier (~> 4.2)
    phctheme3 (25.3.0)
      coffee-rails (~> 5.0)
      gravtastic (~> 3.2)
      inline_svg (~> 1.7, >= 1.7.1)
      jquery-rails (~> 4.4)
      jquery-ui-rails (~> 6.0)
      rails (~> 5.2, >= 5.2.4.3)
      rails_sortable (~> 1.4)
      sassc-rails (~> 2.1)
      turbolinks (~> 5.2)
      uglifier (~> 4.2)
    phctheme4 (23.3.0)
      coffee-rails (~> 5.0)
      gravtastic (~> 3.2)
      inline_svg (~> 1.7, >= 1.7.1)
      jquery-rails (~> 4.4)
      jquery-ui-rails (~> 6.0)
      rails (~> 5.2, >= 5.2.4.3)
      rails_sortable (~> 1.4)
      sassc-rails (~> 2.1)
      turbolinks (~> 5.2)
      uglifier (~> 4.2)
    phctheme5 (18.3.0)
      coffee-rails (~> 5.0)
      gravtastic (~> 3.2)
      inline_svg (~> 1.7, >= 1.7.1)
      jquery-rails (~> 4.4)
      jquery-ui-rails (~> 6.0)
      rails (~> 5.2, >= 5.2.4.3)
      rails_sortable (~> 1.4)
      sassc-rails (~> 2.1)
      turbolinks (~> 5.2)
      uglifier (~> 4.2)
    phctheme6 (11.3.0)
      coffee-rails (~> 5.0)
      gravtastic (~> 3.2)
      inline_svg (~> 1.7, >= 1.7.1)
      jquery-rails (~> 4.4)
      jquery-ui-rails (~> 6.0)
      rails (~> 5.2, >= 5.2.4.3)
      rails_sortable (~> 1.4)
      sassc-rails (~> 2.1)
      turbolinks (~> 5.2)
      uglifier (~> 4.2)
    phctheme7 (5.3.0)
      coffee-rails (~> 5.0)
      gravtastic (~> 3.2)
      inline_svg (~> 1.7, >= 1.7.1)
      jquery-rails (~> 4.4)
      jquery-ui-rails (~> 6.0)
      rails (~> 5.2, >= 5.2.4.3)
      rails_sortable (~> 1.4)
      sassc-rails (~> 2.1)
      turbolinks (~> 5.2)
      uglifier (~> 4.2)
    public_suffix (4.0.5)
    rack (2.2.3)
    rack-test (1.1.0)
      rack (>= 1.0, < 3)
    rails (5.2.4.3)
      actioncable (= 5.2.4.3)
      actionmailer (= 5.2.4.3)
      actionpack (= 5.2.4.3)
      actionview (= 5.2.4.3)
      activejob (= 5.2.4.3)
      activemodel (= 5.2.4.3)
      activerecord (= 5.2.4.3)
      activestorage (= 5.2.4.3)
      activesupport (= 5.2.4.3)
      bundler (>= 1.3.0)
      railties (= 5.2.4.3)
      sprockets-rails (>= 2.0.0)
    rails-dom-testing (2.0.3)
      activesupport (>= 4.2.0)
      nokogiri (>= 1.6)
    rails-html-sanitizer (1.3.0)
      loofah (~> 2.3)
    rails_sortable (1.4.0)
    railties (5.2.4.3)
      actionpack (= 5.2.4.3)
      activesupport (= 5.2.4.3)
      method_source
      rake (>= 0.8.7)
      thor (>= 0.19.0, < 2.0)
    rake (13.0.1)
    regexp_parser (1.7.0)
    rspec-core (3.9.2)
      rspec-support (~> 3.9.3)
    rspec-expectations (3.9.2)
      diff-lcs (>= 1.2.0, < 2.0)
      rspec-support (~> 3.9.0)
    rspec-mocks (3.9.1)
      diff-lcs (>= 1.2.0, < 2.0)
      rspec-support (~> 3.9.0)
    rspec-rails (4.0.1)
      actionpack (>= 4.2)
      activesupport (>= 4.2)
      railties (>= 4.2)
      rspec-core (~> 3.9)
      rspec-expectations (~> 3.9)
      rspec-mocks (~> 3.9)
      rspec-support (~> 3.9)
    rspec-support (3.9.3)
    sassc (2.4.0)
      ffi (~> 1.9)
    sassc-rails (2.1.2)
      railties (>= 4.0.0)
      sassc (>= 2.0)
      sprockets (> 3.0)
      sprockets-rails
      tilt
    sprockets (4.0.0)
      concurrent-ruby (~> 1.0)
      rack (> 1, < 3)
    sprockets-rails (3.2.1)
      actionpack (>= 4.0)
      activesupport (>= 4.0)
      sprockets (>= 3.0.0)
    sqlite3 (1.4.2)
    thor (1.0.1)
    thread_safe (0.3.6)
    tilt (2.0.10)
    turbolinks (5.2.1)
      turbolinks-source (~> 5.2)
    turbolinks-source (5.2.0)
    tzinfo (1.2.7)
      thread_safe (~> 0.1)
    uglifier (4.2.0)
      execjs (>= 0.3.0, < 3)
    websocket-driver (0.7.2)
      websocket-extensions (>= 0.1.0)
    websocket-extensions (0.1.5)
    xpath (3.2.0)
      nokogiri (~> 1.8)

PLATFORMS
  ruby

DEPENDENCIES
  byebug (~> 11.1)
  capybara (~> 3.32)
  factory_bot_rails (~> 5.2)
  faker (~> 2.12)
  launchy (~> 2.5)
  minitest (~> 5.14)
  phctitleseo!
  rspec-rails (~> 4.0)
  sqlite3 (~> 1.4)

BUNDLED WITH
   1.17.3
